GEM
  remote: https://rubygems.org/
  specs:
    base64 (0.2.0)
    coderay (1.1.3)
    faraday (2.9.0)
      faraday-net_http (>= 2.0, < 3.2)
    faraday-net_http (3.1.0)
      net-http
    method_source (1.0.0)
    multi_json (1.15.0)
    mustermann (3.0.0)
      ruby2_keywords (~> 0.0.1)
    net-http (0.4.1)
      uri
    nio4r (2.7.1)
    pry (0.14.2)
      coderay (~> 1.1)
      method_source (~> 1.0)
    puma (6.4.2)
      nio4r (~> 2.0)
    rack (3.0.10)
    rack-protection (4.0.0)
      base64 (>= 0.1.0)
      rack (>= 3.0.0, < 4)
    rack-session (2.0.0)
      rack (>= 3.0.0)
    ruby2_keywords (0.0.5)
    sinatra (4.0.0)
      mustermann (~> 3.0)
      rack (>= 3.0.0, < 4)
      rack-protection (= 4.0.0)
      rack-session (>= 2.0.0, < 3)
      tilt (~> 2.0)
    sinatra-contrib (4.0.0)
      multi_json (>= 0.0.2)
      mustermann (~> 3.0)
      rack-protection (= 4.0.0)
      sinatra (= 4.0.0)
      tilt (~> 2.0)
    tilt (2.3.0)
    uri (0.13.0)

PLATFORMS
  x86_64-linux

DEPENDENCIES
  faraday
  pry
  puma
  rack
  sinatra
  sinatra-contrib

RUBY VERSION
   ruby 3.2.1p31

BUNDLED WITH
   2.4.9
